PATH
  remote: .
  specs:
    money (1.0.0)

GEM
  remote: https://rubygems.org/
  specs:
    minitest (5.4.1)
    rake (10.3.2)

PLATFORMS
  ruby

DEPENDENCIES
  bundler (~> 1.7)
  minitest (~> 5.4)
  money!
  rake (~> 10.0)
