PATH
  remote: .
  specs:
    money (1.0.0)

GEM
  remote: https://rubygems.org/
  specs:
    metaclass (0.0.4)
    minitest (5.4.1)
    mocha (1.1.0)
      metaclass (~> 0.0.1)
    rake (10.3.2)

PLATFORMS
  ruby

DEPENDENCIES
  bundler (~> 1.7)
  minitest (~> 5.4)
  mocha (~> 1.1.0)
  money!
  rake (~> 10.0)
